GEM
  remote: http://rubygems.org/
  specs:
    awesome_print (1.8.0)
    benchmark-ips (2.7.2)
    coderay (1.1.2)
    colorize (0.8.1)
    dotenv (2.7.5)
    hirb (0.7.3)
    hirb-unicode (0.0.5)
      hirb (~> 0.5)
      unicode-display_width (~> 0.1.1)
    httparty (0.16.3)
      mime-types (~> 3.0)
      multi_xml (>= 0.5.2)
    method_source (0.9.2)
    mime-types (3.2.2)
      mime-types-data (~> 3.2015)
    mime-types-data (3.2018.0812)
    multi_xml (0.6.0)
    net-ssh (5.1.0)
    net-ssh-telnet (0.2.1)
      net-ssh (>= 2.0.1)
    pry (0.12.2)
      coderay (~> 1.1.0)
      method_source (~> 0.9.0)
    unicode-display_width (0.1.1)

PLATFORMS
  ruby

DEPENDENCIES
  awesome_print
  benchmark-ips
  colorize
  dotenv
  hirb-unicode
  httparty
  net-ssh-telnet
  pry

BUNDLED WITH
   1.17.2
